BrainVision Data Exchange Header File Version 1.0
; Data created by the BrainVision Recorder

[Common Infos]
Codepage=UTF-8
DataFile=single-flicker-fyp_2.eeg
MarkerFile=single-flicker-fyp_2.vmrk
DataFormat=BINARY
; Data orientation: MULTIPLEXED=ch1,pt1, ch2,pt1 ...
DataOrientation=MULTIPLEXED
NumberOfChannels=15
; Sampling interval in microseconds
SamplingInterval=1000

[Binary Infos]
BinaryFormat=IEEE_FLOAT_32

[Channel Infos]
; Each entry: Ch<Channel number>=<Name>,<Reference channel name>,
; <Resolution in "Unit">,<Unit>, Future extensions..
; Fields are delimited by commas, some fields might be omitted (empty).
; Commas in channel names are coded as "\1".
Ch1=O1,,0.0488281,µV
Ch2=na1,,0.0488281,µV
Ch3=na3,,0.0488281,µV
Ch4=PO3,,0.0488281,µV
Ch5=POZ,,0.0488281,µV
Ch6=PO4,,0.0488281,µV
Ch7=Pz,,0.0488281,µV
Ch8=O2,,0.0488281,µV
Ch9=na4,,0.0488281,µV
Ch10=na2,,0.0488281,µV
Ch11=PO8,,0.0488281,µV
Ch12=na5,,0.0488281,µV
Ch13=Cz,,0.0488281,µV
Ch14=Oz,,0.0488281,µV
Ch15=PO7,,0.0488281,µV

[Comment]

BrainVision Recorder Professional   -   V. 1.25.0204


A m p l i f i e r  S e t u p
============================
Number of channels: 15
Sampling Rate [Hz]: 1000
Sampling Interval [µS]: 1000

Channels
--------
#     Name      Phys. Chn.    Resolution / Unit   Low Cutoff [s]   High Cutoff [Hz]   Notch [Hz]    Gradient         Offset
1     O1          1          0.0488281 µV             DC              280              Off
2     na1         2          0.0488281 µV             DC              280              Off
3     na3         3          0.0488281 µV             DC              280              Off
4     PO3         4          0.0488281 µV             DC              280              Off
5     POZ         5          0.0488281 µV             DC              280              Off
6     PO4         6          0.0488281 µV             DC              280              Off
7     Pz          7          0.0488281 µV             DC              280              Off
8     O2          8          0.0488281 µV             DC              280              Off
9     na4         9          0.0488281 µV             DC              280              Off
10    na2         10         0.0488281 µV             DC              280              Off
11    PO8         11         0.0488281 µV             DC              280              Off
12    na5         12         0.0488281 µV             DC              280              Off
13    Cz          13         0.0488281 µV             DC              280              Off
14    Oz          14         0.0488281 µV             DC              280              Off
15    PO7         15         0.0488281 µV             DC              280              Off

Reference Channel Name = Ref
Reference Phys. Chn.   = 16
Use active/dry Electrodes = Yes 
Good Level [kOhms]     = 25
Bad Level [kOhms]      = 75
MY-Button Workspace    = C:\Vision\Workfiles\MYButton

Amplifier 
actiCHamp Base Unit (5002) 
  --- S/N 22050815 --- 
actiCHamp 32 CH Module
  --- Module 1 (5011): S/N 22051634 ---
  --- Module 2 (5011): S/N 22051635 ---
Version: DLL_27.18.06.25, DRV_03.04.01.146, CTRL_104.18.06.25, FPGA_67.00.00.00, DSP_105.19.02.27 


S o f t w a r e  F i l t e r s
==============================
Disabled


Data/Gnd Electrodes Selected Impedance Measurement Range: 25 - 75 kOhm
Impedance [kOhm] at 18:11:20 :
O1:          16
na1:      Out of Range!
na3:      Out of Range!
PO3:          9
POZ:         18
PO4:         11
Pz:          21
O2:          25
na4:      Out of Range!
na2:      Out of Range!
PO8:          8
na5:      Out of Range!
Cz:       Out of Range!
Oz:          14
PO7:      Out of Range!
Ref:         26
Gnd:         12
